PATH
  remote: .
  specs:
    cocproxy (1.0.0)

GEM
  remote: https://rubygems.org/
  specs:

PLATFORMS
  ruby

DEPENDENCIES
  cocproxy!
